GEM
  remote: https://rubygems.org/
  specs:
    builder (3.2.2)
    colored (1.2)
    cri (2.6.1)
      colored (~> 1.2)
    facter (1.7.6)
    faraday (0.9.2)
      multipart-post (>= 1.2, < 3)
    faraday_middleware (0.9.2)
      faraday (>= 0.7.4, < 0.10)
    faraday_middleware-multi_json (0.0.6)
      faraday_middleware
      multi_json
    hiera (1.3.4)
      json_pure
    json_pure (1.8.3)
    log4r (1.1.10)
    minitar (0.5.4)
    multi_json (1.11.2)
    multipart-post (2.0.0)
    parallel (1.6.1)
    puppet (3.4.3)
      facter (~> 1.6)
      hiera (~> 1.0)
      rgen (~> 0.6.5)
    puppet-catalog-test (0.4.0)
      builder
      parallel
      puppet
    puppet_forge (2.1.2)
      faraday (~> 0.9.0)
      faraday_middleware (>= 0.9.0, < 0.11.0)
      minitar
      semantic_puppet (~> 0.1.0)
    r10k (2.1.1)
      colored (= 1.2)
      cri (~> 2.6.1)
      faraday (~> 0.9.0)
      faraday_middleware (~> 0.9.0)
      faraday_middleware-multi_json (~> 0.0.6)
      log4r (= 1.1.10)
      minitar
      multi_json (~> 1.10)
      puppet_forge (~> 2.1.1)
      semantic_puppet (~> 0.1.0)
    rgen (0.6.6)
    semantic_puppet (0.1.1)

PLATFORMS
  ruby

DEPENDENCIES
  puppet (= 3.4.3)
  puppet-catalog-test
  r10k

BUNDLED WITH
   1.11.2
